GEM
  remote: https://rubygems.org/
  specs:
    coderay (1.1.1)
    daemons (1.2.4)
    eventmachine (1.2.5)
    ffi (1.9.18)
    haml (5.0.2)
      temple (>= 0.8.0)
      tilt
    hashie (3.5.6)
    httparty (0.15.6)
      multi_xml (>= 0.5.2)
    instagram_api_client (0.1.1)
      hashie
      httparty
      plural
    listen (3.1.5)
      rb-fsevent (~> 0.9, >= 0.9.4)
      rb-inotify (~> 0.9, >= 0.9.7)
      ruby_dep (~> 1.2)
    method_source (0.8.2)
    multi_xml (0.6.0)
    mustermann (1.0.0)
    plural (0.1.0)
    pry (0.10.3)
      coderay (~> 1.1.0)
      method_source (~> 0.8.1)
    rack (2.0.3)
    rack-protection (2.0.0)
      rack
    rb-fsevent (0.10.2)
    rb-inotify (0.9.10)
      ffi (>= 0.5.0, < 2)
    rerun (0.11.0)
      listen (~> 3.0)
    ruby_dep (1.5.0)
    sinatra (2.0.0)
      mustermann (~> 1.0)
      rack (~> 2.0)
      rack-protection (= 2.0.0)
      tilt (~> 2.0)
    temple (0.8.0)
    thin (1.7.2)
      daemons (~> 1.0, >= 1.0.9)
      eventmachine (~> 1.0, >= 1.0.4)
      rack (>= 1, < 3)
    tilt (2.0.8)

PLATFORMS
  ruby

DEPENDENCIES
  haml
  instagram_api_client
  pry
  rerun
  sinatra
  thin

BUNDLED WITH
   1.13.6
